GEM
  remote: https://rubygems.org/
  specs:
    rack (1.6.4)
    rack-test (0.6.3)
      rack (>= 1.0)
    rake (10.4.2)

PLATFORMS
  ruby

DEPENDENCIES
  bundler (= 1.11.2)
  rack-test (= 0.6.3)
  rake (= 10.4.2)

BUNDLED WITH
   1.11.2
